PATH
  remote: .
  specs:
    mchat (0.1.0)

GEM
  remote: https://rubygems.org/
  specs:
    minitest (5.16.2)
    rainbow (3.1.1)
    rake (13.0.6)

PLATFORMS
  x86_64-darwin-21

DEPENDENCIES
  mchat!
  minitest (~> 5.0)
  rainbow
  rake (~> 13.0)

BUNDLED WITH
   2.3.3
