PATH
  remote: .
  specs:
    mchat (0.1.0)
      curses (~> 1.4.4)

GEM
  remote: https://rubygems.org/
  specs:
    curses (1.4.4)
    httparty (0.20.0)
      mime-types (~> 3.0)
      multi_xml (>= 0.5.2)
    mime-types (3.4.1)
      mime-types-data (~> 3.2015)
    mime-types-data (3.2022.0105)
    minitest (5.16.2)
    multi_xml (0.6.0)
    rainbow (3.1.1)
    rake (13.0.6)

PLATFORMS
  x86_64-darwin-21

DEPENDENCIES
  httparty
  mchat!
  minitest (~> 5.0)
  rainbow
  rake (~> 13.0)

BUNDLED WITH
   2.3.3
